GEM
  remote: https://rubygems.org/
  specs:
    aws-sdk (2.0.28)
      aws-sdk-resources (= 2.0.28)
    aws-sdk-core (2.0.28)
      builder (~> 3.0)
      jmespath (~> 1.0)
      multi_json (~> 1.0)
      multi_xml (~> 0.5)
    aws-sdk-resources (2.0.28)
      aws-sdk-core (= 2.0.28)
    builder (3.2.2)
    jmespath (1.0.2)
      multi_json (~> 1.0)
    multi_json (1.10.1)
    multi_xml (0.5.5)

PLATFORMS
  ruby

DEPENDENCIES
  aws-sdk (~> 2)
